PATH
  remote: .
  specs:
    git_scraper_extractor (0.1.0)
      rugged (~> 1.1.0)
      tty-prompt (~> 0.23.0)

GEM
  remote: https://rubygems.org/
  specs:
    diff-lcs (1.4.4)
    pastel (0.8.0)
      tty-color (~> 0.5)
    rake (13.0.3)
    rspec (3.10.0)
      rspec-core (~> 3.10.0)
      rspec-expectations (~> 3.10.0)
      rspec-mocks (~> 3.10.0)
    rspec-core (3.10.1)
      rspec-support (~> 3.10.0)
    rspec-expectations (3.10.1)
      diff-lcs (>= 1.2.0, < 2.0)
      rspec-support (~> 3.10.0)
    rspec-mocks (3.10.2)
      diff-lcs (>= 1.2.0, < 2.0)
      rspec-support (~> 3.10.0)
    rspec-support (3.10.2)
    rugged (1.1.0)
    tty-color (0.6.0)
    tty-cursor (0.7.1)
    tty-prompt (0.23.0)
      pastel (~> 0.8)
      tty-reader (~> 0.8)
    tty-reader (0.9.0)
      tty-cursor (~> 0.7)
      tty-screen (~> 0.8)
      wisper (~> 2.0)
    tty-screen (0.8.1)
    wisper (2.0.1)

PLATFORMS
  armv7l-linux-eabihf

DEPENDENCIES
  git_scraper_extractor!
  rake (~> 13.0)
  rspec (~> 3.0)

BUNDLED WITH
   2.2.9
